GEM
  remote: https://rubygems.org/
  specs:
    json (2.6.3)
    net-http (0.3.2)
      uri
    optparse (0.3.1)
    uri (0.12.1)

PLATFORMS
  arm64-darwin-21

DEPENDENCIES
  json (~> 2.6)
  net-http (~> 0.3.2)
  optparse (~> 0.3.1)

BUNDLED WITH
   2.4.13
